GEM
  remote: https://rubygems.org/
  specs:
    activemodel (5.0.1)
      activesupport (= 5.0.1)
    activerecord (5.0.1)
      activemodel (= 5.0.1)
      activesupport (= 5.0.1)
      arel (~> 7.0)
    activesupport (5.0.1)
      concurrent-ruby (~> 1.0, >= 1.0.2)
      i18n (~> 0.7)
      minitest (~> 5.1)
      tzinfo (~> 1.1)
    arel (7.1.4)
    backports (3.6.8)
    coderay (1.1.1)
    concurrent-ruby (1.0.4)
    diffy (3.1.0)
    ffi (1.9.17)
    formatador (0.2.5)
    github-markdown (0.6.9)
    guard (2.14.0)
      formatador (>= 0.2.4)
      listen (>= 2.7, < 4.0)
      lumberjack (~> 1.0)
      nenv (~> 0.1)
      notiffany (~> 0.0)
      pry (>= 0.9.12)
      shellany (~> 0.0)
      thor (>= 0.18.1)
    guard-rack (2.2.0)
      ffi
      guard (~> 2.3)
      spoon
    html-pipeline (2.5.0)
      activesupport (>= 2)
      nokogiri (>= 1.4)
    i18n (0.7.0)
    listen (3.1.5)
      rb-fsevent (~> 0.9, >= 0.9.4)
      rb-inotify (~> 0.9, >= 0.9.7)
      ruby_dep (~> 1.2)
    lumberjack (1.0.11)
    method_source (0.8.2)
    mini_portile2 (2.1.0)
    minitest (5.10.1)
    multi_json (1.12.1)
    mustermann (1.0.0.beta2)
    mysql2 (0.4.5)
    nenv (0.3.0)
    nokogiri (1.7.0.1)
      mini_portile2 (~> 2.1.0)
    notiffany (0.1.1)
      nenv (~> 0.1)
      shellany (~> 0.0)
    pry (0.10.4)
      coderay (~> 1.1.0)
      method_source (~> 0.8.1)
      slop (~> 3.4)
    rack (2.0.1)
    rack-protection (2.0.0.beta2)
      rack
    rack-test (0.6.3)
      rack (>= 1.0)
    rb-fsevent (0.9.8)
    rb-inotify (0.9.7)
      ffi (>= 0.5.0)
    ridgepole (0.6.5)
      activerecord (>= 4.2, < 6)
      diffy
    rinku (2.0.2)
    ruby_dep (1.5.0)
    shellany (0.0.1)
    sinatra (2.0.0.beta2)
      mustermann (= 1.0.0.beta2)
      rack (~> 2.0)
      rack-protection (= 2.0.0.beta2)
      tilt (~> 2.0)
    sinatra-contrib (2.0.0.beta2)
      backports (>= 2.0)
      multi_json
      mustermann (= 1.0.0.beta2)
      rack-protection (= 2.0.0.beta2)
      rack-test
      sinatra (= 2.0.0.beta2)
      tilt (>= 1.3, < 3)
    slim (3.0.7)
      temple (~> 0.7.6)
      tilt (>= 1.3.3, < 2.1)
    slop (3.6.0)
    spoon (0.0.6)
      ffi
    temple (0.7.7)
    thor (0.19.4)
    thread_safe (0.3.5)
    tilt (2.0.5)
    tzinfo (1.2.2)
      thread_safe (~> 0.1)

PLATFORMS
  ruby

DEPENDENCIES
  github-markdown
  guard
  guard-rack
  html-pipeline
  mysql2
  rack
  ridgepole
  rinku
  sinatra (~> 2.0.0.beta2)
  sinatra-contrib (~> 2.0.0.beta2)
  slim

BUNDLED WITH
   1.13.7
